PATH
  remote: .
  specs:
    markdown-run (0.1.3)
      rcodetools

GEM
  remote: https://rubygems.org/
  specs:
    rcodetools (0.8.5.0)

PLATFORMS
  arm64-darwin-23
  ruby

DEPENDENCIES
  markdown-run!

BUNDLED WITH
   2.5.15
