PATH
  remote: .
  specs:
    markdown-run (0.1.9)
      rcodetools (= 0.8.5)

GEM
  remote: https://rubygems.org/
  specs:
    flog (4.8.0)
      path_expander (~> 1.0)
      ruby_parser (~> 3.1, > 3.1.0)
      sexp_processor (~> 4.8)
    minitest (5.25.5)
    path_expander (1.1.3)
    racc (1.8.1)
    rake (13.3.0)
    rcodetools (0.8.5.0)
    ruby_parser (3.21.1)
      racc (~> 1.5)
      sexp_processor (~> 4.16)
    sexp_processor (4.17.3)

PLATFORMS
  arm64-darwin-23
  ruby

DEPENDENCIES
  flog
  markdown-run!
  minitest (= 5.25.5)
  rake

BUNDLED WITH
   2.5.15
