PATH
  remote: .
  specs:
    markdown-run (0.1.8)
      minitest (= 5.25.5)
      rcodetools

GEM
  remote: https://rubygems.org/
  specs:
    minitest (5.25.5)
    rake (13.3.0)
    rcodetools (0.8.5.0)

PLATFORMS
  arm64-darwin-23
  ruby

DEPENDENCIES
  markdown-run!
  rake

BUNDLED WITH
   2.5.15
